GEM
  remote: https://rubygems.org/
  specs:
    faraday (0.8.9)
      multipart-post (~> 1.2.0)
    faraday_middleware (0.9.1)
      faraday (>= 0.7.4, < 0.10)
    multipart-post (1.2.0)
    rack (1.5.2)
    rack-protection (1.5.3)
      rack
    rakuten_web_service (0.5.0)
      faraday (~> 0.8.8)
      faraday_middleware
    sinatra (1.4.5)
      rack (~> 1.4)
      rack-protection (~> 1.4)
      tilt (~> 1.3, >= 1.3.4)
    sqlite3 (1.3.9)
    tilt (1.4.1)

PLATFORMS
  ruby

DEPENDENCIES
  rakuten_web_service
  sinatra
  sqlite3
